GEM
  remote: https://rubygems.org/
  specs:
    fileutils (1.7.2)
    rugged (1.7.2)

PLATFORMS
  ruby
  x86_64-linux

DEPENDENCIES
  fileutils
  rugged

BUNDLED WITH
   2.5.11
