GEM
  remote: https://rubygems.org/
  specs:
    fileutils (1.7.2)
    rugged (1.7.2)
    tomlrb (2.0.3)

PLATFORMS
  ruby
  x86_64-linux

DEPENDENCIES
  fileutils
  rugged
  tomlrb

BUNDLED WITH
   2.5.11
